GEM
    remote: https://rubygems.org/
    specs:
    sass(>= 3.5.6)
PLATFORMS
    ruby
    node