GEM
    remote: https://rubygems.org/
    specs:
    sass(>= 3.5.6)
PLATFORMS
    ruby

DEPENDENCIES

BUNDLED WITH
   1.16.1